GEM
  remote: https://rubygems.org/
  specs:
    macinbox (4.1.1)

PLATFORMS
  ruby

DEPENDENCIES
  macinbox (~> 4.1)!

BUNDLED WITH
   2.1.4
